GEM
  remote: https://rubygems.org/
  specs:
    atk (3.1.3)
      glib2 (= 3.1.3)
    cairo (1.15.7)
      native-package-installer
      pkg-config (>= 1.1.5)
    cairo-gobject (3.1.3)
      cairo
      glib2 (= 3.1.3)
    coderay (1.1.1)
    faraday (0.12.1)
      multipart-post (>= 1.2, < 3)
    gdk_pixbuf2 (3.1.3)
      gio2 (= 3.1.3)
    gettext (3.2.2)
      locale (>= 2.0.5)
      text (>= 1.3.0)
    gio2 (3.1.3)
      glib2 (= 3.1.3)
      gobject-introspection (= 3.1.3)
    glib2 (3.1.3)
      native-package-installer
      pkg-config
    gobject-introspection (3.1.3)
      glib2 (= 3.1.3)
    gtk2 (3.1.3)
      atk (= 3.1.3)
      gdk_pixbuf2 (= 3.1.3)
      pango (= 3.1.3)
    hikidoc (0.1.0)
    kramdown (1.13.2)
    locale (2.1.2)
    mini_portile2 (2.1.0)
    multipart-post (2.0.0)
    native-package-installer (1.0.1)
    nokogiri (1.7.2)
      mini_portile2 (~> 2.1.0)
    pango (3.1.3)
      cairo (>= 1.14.0)
      cairo-gobject (= 3.1.3)
      gobject-introspection (= 3.1.3)
    pkg-config (1.2.0)
    poppler (3.1.3)
      cairo (>= 1.14.0)
      gdk_pixbuf2 (= 3.1.3)
    rabbit (2.2.0)
      coderay (>= 1.0.0)
      faraday
      gdk_pixbuf2 (>= 3.0.9)
      gettext (>= 3.0.1)
      gio2
      gtk2
      hikidoc
      kramdown
      nokogiri
      poppler
      rdtool
      rsvg2
      rttool
    rabbit-slide-oss-gate-introduction-japanese (2017.2.25.0)
      rabbit (>= 2.0.2)
    rabbit-slide-oss-gate-workshop-tutorial-conclusion (2017.4.13.1)
      rabbit (>= 2.0.2)
      rabbit-theme-clear-code
    rabbit-slide-oss-gate-workshop-tutorial-feedback (2017.4.13.1)
      rabbit (>= 2.0.2)
      rabbit-theme-clear-code
    rabbit-slide-oss-gate-workshop-tutorial-overview (2017.4.13.1)
      rabbit (>= 2.0.2)
    rabbit-slide-oss-gate-workshop-tutorial-preparation (2017.4.13.1)
      rabbit (>= 2.0.2)
    rabbit-theme-clear-code (1.0.5)
      rabbit (>= 2.0.2)
    rake (12.0.0)
    rdtool (0.6.38)
    rsvg2 (3.1.3)
      cairo (>= 1.12.8)
      gdk_pixbuf2 (= 3.1.3)
    rttool (1.0.3.0)
    text (1.3.1)

PLATFORMS
  ruby

DEPENDENCIES
  rabbit-slide-oss-gate-introduction-japanese
  rabbit-slide-oss-gate-workshop-tutorial-conclusion
  rabbit-slide-oss-gate-workshop-tutorial-feedback
  rabbit-slide-oss-gate-workshop-tutorial-overview
  rabbit-slide-oss-gate-workshop-tutorial-preparation
  rake

BUNDLED WITH
   1.14.4
